GEM
  remote: http://rubygems.org/
  remote: http://rubygems.torquebox.org/
  specs:
    addressable (2.2.6)
    akephalos (0.2.5-java)
      capybara (~> 0.4.0)
    bcrypt-ruby (3.0.1-java)
    blankslate (2.1.2.4)
    capybara (0.4.1.2)
      celerity (>= 0.7.9)
      culerity (>= 0.2.4)
      mime-types (>= 1.16)
      nokogiri (>= 1.3.3)
      rack (>= 1.0.0)
      rack-test (>= 0.5.4)
      selenium-webdriver (>= 0.0.27)
      xpath (~> 0.1.3)
    celerity (0.9.1)
    childprocess (0.2.3)
      ffi (~> 1.0.6)
    culerity (0.2.15)
    data_objects (0.10.7)
      addressable (~> 2.1)
    diff-lcs (1.1.3)
    dm-core (1.2.0)
      addressable (~> 2.2.6)
    dm-do-adapter (1.2.0)
      data_objects (~> 0.10.6)
      dm-core (~> 1.2.0)
    dm-migrations (1.2.0)
      dm-core (~> 1.2.0)
    dm-serializer (1.2.1)
      dm-core (~> 1.2.0)
      fastercsv (~> 1.5.4)
      json (~> 1.6.1)
      json_pure (~> 1.6.1)
      multi_json (~> 1.0.3)
    dm-sqlite-adapter (1.2.0)
      dm-do-adapter (~> 1.2.0)
      do_sqlite3 (~> 0.10.6)
    dm-timestamps (1.2.0)
      dm-core (~> 1.2.0)
    dm-types (1.2.1)
      bcrypt-ruby (~> 3.0.0)
      dm-core (~> 1.2.0)
      fastercsv (~> 1.5.4)
      json (~> 1.6.1)
      multi_json (~> 1.0.3)
      stringex (~> 1.3.0)
      uuidtools (~> 2.1.2)
    do_jdbc (0.10.7-java)
      data_objects (= 0.10.7)
    do_sqlite3 (0.10.7-java)
      data_objects (= 0.10.7)
      do_jdbc (= 0.10.7)
      jdbc-sqlite3 (>= 3.5.8)
    fastercsv (1.5.4)
    ffi (1.0.11-java)
    haml (3.1.4)
    jdbc-sqlite3 (3.7.2)
    json (1.6.3-java)
    json_pure (1.6.3)
    mime-types (1.17.2)
    multi_json (1.0.4)
    nokogiri (1.5.0-java)
    rack (1.3.5)
    rack-protection (1.1.4)
      rack
    rack-test (0.6.1)
      rack (>= 1.0)
    rake (0.9.2.2)
    rspec (2.5.0)
      rspec-core (~> 2.5.0)
      rspec-expectations (~> 2.5.0)
      rspec-mocks (~> 2.5.0)
    rspec-core (2.5.2)
    rspec-expectations (2.5.0)
      diff-lcs (~> 1.1.2)
    rspec-mocks (2.5.0)
    rubyzip (0.9.5)
    sass (3.1.11)
    selenium-webdriver (2.14.0)
      childprocess (>= 0.2.1)
      ffi (~> 1.0.9)
      multi_json (~> 1.0.4)
      rubyzip
    sinatra (1.3.1)
      rack (~> 1.3, >= 1.3.4)
      rack-protection (~> 1.1, >= 1.1.2)
      tilt (~> 1.3, >= 1.3.3)
    sqlite3 (1.3.4)
    stringex (1.3.0)
    thor (0.14.6)
    tilt (1.3.3)
    torquebox (2.0.0)
      thor (>= 0.9.0, < 1.0.0)
      torquebox-cache (= 2.0.0)
      torquebox-configure (= 2.0.0)
      torquebox-core (= 2.0.0)
      torquebox-messaging (= 2.0.0)
      torquebox-naming (= 2.0.0)
      torquebox-rake-support (= 2.0.0)
      torquebox-security (= 2.0.0)
      torquebox-stomp (= 2.0.0)
      torquebox-transactions (= 2.0.0)
      torquebox-vfs (= 2.0.0)
      torquebox-web (= 2.0.0)
    torquebox-cache (2.0.0-java)
      torquebox-core (= 2.0.0)
      torquebox-transactions (= 2.0.0)
    torquebox-configure (2.0.0-java)
      blankslate (= 2.1.2.4)
    torquebox-core (2.0.0-java)
    torquebox-messaging (2.0.0-java)
      torquebox-core (= 2.0.0)
      torquebox-transactions (= 2.0.0)
    torquebox-naming (2.0.0-java)
    torquebox-rake-support (2.0.0)
      rake (>= 0.8.7, < 1.0.0)
    torquebox-security (2.0.0-java)
      torquebox-core (= 2.0.0)
    torquebox-stomp (2.0.0)
      torquebox-core (= 2.0.0)
      torquebox-messaging (= 2.0.0)
    torquebox-transactions (2.0.0)
      torquebox-core (= 2.0.0)
    torquebox-vfs (2.0.0-java)
    torquebox-web (2.0.0-java)
    torquespec (0.4.6)
      json
      rspec
    uuidtools (2.1.2)
    xpath (0.1.4)
      nokogiri (~> 1.3)

PLATFORMS
  java

DEPENDENCIES
  akephalos
  bundler
  capybara
  dm-core (~> 1.1)
  dm-migrations (~> 1.1)
  dm-serializer (~> 1.1)
  dm-sqlite-adapter
  dm-timestamps (~> 1.1)
  dm-types (~> 1.1)
  haml (~> 3.1)
  rspec (~> 2.5.0)
  sass (~> 3.1)
  sinatra (~> 1.3.1)
  sqlite3
  torquebox (~> 2.0)
  torquespec (~> 0.4.6)
